GEM
  remote: https://rubygems.org/
  specs:
    claide (0.8.2)
    colored (1.2)
    pod-synchronize (0.5.0)
      claide (~> 0.8.1)
      colored (~> 1.2)

PLATFORMS
  ruby

DEPENDENCIES
  pod-synchronize

BUNDLED WITH
   1.15.1
