GIT
  remote: git://github.com/xing/XNGPodsSynchronizer.git
  revision: f09f3ba323845c4749188a8790ccd85622ee8e77
  branch: evaluate_yaml_file
  specs:
    pod-synchronize (0.5.0)
      claide (~> 0.8.1)
      colored (~> 1.2)

GEM
  remote: https://rubygems.org/
  specs:
    claide (0.8.2)
    colored (1.2)

PLATFORMS
  ruby

DEPENDENCIES
  pod-synchronize!

BUNDLED WITH
   1.15.1
